GIT
  remote: https://github.com/DataDog/dd-trace-rb.git
  revision: 3ccbf914d71d7865fe094c7cdb55dba965e4684c
  ref: 3ccbf914d71d7865fe094c7cdb55dba965e4684c
  specs:
    ddtrace (0.8.1)
      msgpack

GEM
  remote: https://rubygems.org/
  specs:
    backports (3.8.0)
    concurrent-ruby (1.0.5)
    connection_pool (2.2.1)
    json (2.1.0)
    msgpack (1.1.0)
    multi_json (1.12.1)
    mustermann (1.0.0)
    rack (2.0.3)
    rack-protection (2.0.0)
      rack
    redis (3.3.3)
    sidekiq (5.0.4)
      concurrent-ruby (~> 1.0)
      connection_pool (~> 2.2, >= 2.2.0)
      rack-protection (>= 1.5.0)
      redis (~> 3.3, >= 3.3.3)
    sinatra (2.0.0)
      mustermann (~> 1.0)
      rack (~> 2.0)
      rack-protection (= 2.0.0)
      tilt (~> 2.0)
    sinatra-contrib (2.0.0)
      backports (>= 2.0)
      multi_json
      mustermann (~> 1.0)
      rack-protection (= 2.0.0)
      sinatra (= 2.0.0)
      tilt (>= 1.3, < 3)
    tilt (2.0.8)

PLATFORMS
  ruby

DEPENDENCIES
  connection_pool
  ddtrace!
  json
  redis
  sidekiq
  sinatra
  sinatra-contrib

BUNDLED WITH
   1.15.2
